GEM
  remote: https://rubygems.org/
  specs:
    coderay (1.0.8)
    cuba (3.1.0)
      rack
    cuba-sugar (0.3.0)
      cuba (~> 3.1.0)
      json (~> 1.7.3)
      rack_csrf (~> 2.4.0)
    daemons (1.1.9)
    eventmachine (1.0.0)
    ffi (1.2.0)
    growl (1.0.3)
    guard (1.5.4)
      listen (>= 0.4.2)
      lumberjack (>= 1.0.2)
      pry (>= 0.9.10)
      thor (>= 0.14.6)
    guard-rack (1.2.1)
      growl (~> 1.0.3)
      guard (~> 1.1)
      rb-fsevent (>= 0.3.9)
    haml (3.1.7)
    httparty (0.9.0)
      multi_json (~> 1.0)
      multi_xml
    json (1.7.5)
    listen (0.6.0)
    lumberjack (1.0.2)
    method_source (0.8.1)
    multi_json (1.3.7)
    multi_xml (0.5.1)
    nokogiri (1.5.5)
    pry (0.9.10)
      coderay (~> 1.0.5)
      method_source (~> 0.8)
      slop (~> 3.3.1)
    rack (1.4.1)
    rack_csrf (2.4.0)
      rack (>= 0.9)
    rb-fsevent (0.9.2)
    rb-inotify (0.8.8)
      ffi (>= 0.5.0)
    slop (3.3.3)
    thin (1.5.0)
      daemons (>= 1.0.9)
      eventmachine (>= 0.12.6)
      rack (>= 1.0.0)
    thor (0.16.0)
    tilt (1.3.3)

PLATFORMS
  ruby

DEPENDENCIES
  cuba
  cuba-sugar
  guard-rack
  haml
  httparty
  json
  nokogiri
  rb-inotify
  thin
  tilt
